PATH
  remote: .
  specs:
    ractive-rails (0.8.0)
      execjs (~> 2.8)
      sprockets (~> 4.1)
      tilt (~> 2.0)

GEM
  remote: https://rubygems.org/
  specs:
    concurrent-ruby (1.1.10)
    execjs (2.8.1)
    rack (2.2.4)
    sprockets (4.1.1)
      concurrent-ruby (~> 1.0)
      rack (> 1, < 3)
    tilt (2.0.11)

PLATFORMS
  ruby

DEPENDENCIES
  ractive-rails!

BUNDLED WITH
   2.2.33
